GEM
  remote: https://rubygems.org/
  specs:
    ast (2.4.1)
    brakeman (4.9.0)
    kwalify (0.7.2)
    parser (2.7.1.4)
      ast (~> 2.4.1)
    psych (3.1.0)
    rainbow (3.0.0)
    reek (6.0.1)
      kwalify (~> 0.7.0)
      parser (>= 2.5.0.0, < 2.8, != 2.5.1.1)
      psych (~> 3.1.0)
      rainbow (>= 2.0, < 4.0)

PLATFORMS
  ruby

DEPENDENCIES
  brakeman!
  reek!

BUNDLED WITH
   2.1.4
